GEM
  remote: https://rubygems.org/
  specs:
    coderay (1.1.0)
    docker-api (1.21.4)
      excon (>= 0.38.0)
      json
    excon (0.44.4)
    json (1.8.2)
    method_source (0.8.2)
    pry (0.10.1)
      coderay (~> 1.1.0)
      method_source (~> 0.8.1)
      slop (~> 3.4)
    slop (3.6.0)

PLATFORMS
  ruby

DEPENDENCIES
  docker-api
  excon
  pry
