GEM
  remote: https://rubygems.org/
  specs:
    coderay (1.1.0)
    docker-api (1.21.4)
      excon (>= 0.38.0)
      json
    excon (0.44.4)
    gene_pool (1.4.1)
      thread_safe
    httparty (0.13.3)
      json (~> 1.8)
      multi_xml (>= 0.5.2)
    json (1.8.2)
    method_source (0.8.2)
    multi_xml (0.5.5)
    persistent_http (1.0.6)
      gene_pool (>= 1.3)
    persistent_httparty (0.1.2)
      httparty (~> 0.9)
      persistent_http (< 2)
    pry (0.10.1)
      coderay (~> 1.1.0)
      method_source (~> 0.8.1)
      slop (~> 3.4)
    slop (3.6.0)
    thread_safe (0.3.5)

PLATFORMS
  ruby

DEPENDENCIES
  docker-api
  excon
  httparty
  persistent_httparty
  pry
